GEM
  remote: https://rubygems.org/
  specs:
    bogus (0.0.3)
      dependor (>= 0.0.4)
    dependor (0.0.5)
    diff-lcs (1.2.4)
    rr (1.0.5)
    rspec (2.13.0)
      rspec-core (~> 2.13.0)
      rspec-expectations (~> 2.13.0)
      rspec-mocks (~> 2.13.0)
    rspec-core (2.13.1)
    rspec-expectations (2.13.0)
      diff-lcs (>= 1.1.3, < 2.0)
    rspec-mocks (2.13.1)

PLATFORMS
  ruby

DEPENDENCIES
  bogus
  rr
  rspec
